GEM
  remote: https://rubygems.org/
  specs:
    coderay (1.1.2)
    method_source (0.9.2)
    pg (1.1.4)
    pry (0.12.2)
      coderay (~> 1.1.0)
      method_source (~> 0.9.0)
    sequel (5.23.0)

PLATFORMS
  ruby

DEPENDENCIES
  pg
  pry
  sequel

BUNDLED WITH
   2.0.2
